GEM
  remote: https://rubygems.org/
  specs:
    aviglitch (0.1.5)
    climate_control (0.2.0)
    colorize (0.8.1)
    docopt (0.6.1)
    terrapin (0.6.0)
      climate_control (>= 0.0.3, < 1.0)

PLATFORMS
  ruby

DEPENDENCIES
  aviglitch
  colorize
  docopt
  terrapin

BUNDLED WITH
   1.16.1
